GEM
  remote: https://rubygems.org/
  specs:
    addressable (2.8.1)
      public_suffix (>= 2.0.2, < 6.0)
    dnsruby (1.61.2)
      addressable (~> 2.5)
    mustermann (2.0.2)
      ruby2_keywords (~> 0.0.1)
    public_suffix (3.0.3)
    rack (2.2.6.2)
    rack-protection (2.2.3)
      rack
    ruby2_keywords (0.0.5)
    sinatra (2.2.3)
      mustermann (~> 2.0)
      rack (~> 2.2)
      rack-protection (= 2.2.3)
      tilt (~> 2.0)
    tilt (2.0.11)

PLATFORMS
  ruby

DEPENDENCIES
  dnsruby
  public_suffix
  sinatra

BUNDLED WITH
   1.17.1
